GEM
  remote: https://rubygems.org/
  specs:
    lockfile (2.1.3)
    maildir (2.2.1)
    oauth (0.4.7)

PLATFORMS
  ruby

DEPENDENCIES
  lockfile
  maildir
  oauth
